PATH
  remote: .
  specs:
    chargebee (2.41.0)
      cgi (>= 0.1.0, < 1.0.0)
      json_pure (~> 2.1)
      rest-client (~> 2.1)

GEM
  remote: https://rubygems.org/
  specs:
    cgi (0.4.1)
    diff-lcs (1.5.1)
    domain_name (0.6.20240107)
    http-accept (1.7.0)
    http-cookie (1.0.6)
      domain_name (~> 0.5)
    json_pure (2.7.2)
    mime-types (3.5.2)
      mime-types-data (~> 3.2015)
    mime-types-data (3.2024.0702)
    mocha (2.4.5)
      ruby2_keywords (>= 0.0.5)
    netrc (0.11.0)
    rest-client (2.1.0)
      http-accept (>= 1.7.0, < 2.0)
      http-cookie (>= 1.0.2, < 2.0)
      mime-types (>= 1.16, < 4.0)
      netrc (~> 0.8)
    rspec (3.0.0)
      rspec-core (~> 3.0.0)
      rspec-expectations (~> 3.0.0)
      rspec-mocks (~> 3.0.0)
    rspec-core (3.0.4)
      rspec-support (~> 3.0.0)
    rspec-expectations (3.0.4)
      diff-lcs (>= 1.2.0, < 2.0)
      rspec-support (~> 3.0.0)
    rspec-mocks (3.0.4)
      rspec-support (~> 3.0.0)
    rspec-support (3.0.4)
    ruby2_keywords (0.0.5)

PLATFORMS
  arm64-darwin-21
  ruby

DEPENDENCIES
  chargebee!
  mocha
  rspec (~> 3.0.0)

BUNDLED WITH
   2.5.3
